GEM
  remote: https://rubygems.org/
  specs:
    addressable (2.5.2)
      public_suffix (>= 2.0.2, < 4.0)
    json-schema (2.8.0)
      addressable (>= 2.4)
    json_schema (0.17.0)
    jsonapi-parser (0.1.1)
    public_suffix (3.0.0)

PLATFORMS
  ruby

DEPENDENCIES
  json-schema!
  json_schema!
  jsonapi-parser!

BUNDLED WITH
   1.15.0
